PATH
  remote: .
  specs:
    aha-services (1.0.0)
      activesupport
      aha-api
      faraday
      hashie
      html2confluence

PATH
  remote: ~/Documents/projects/aha/aha-api
  specs:
    aha-api (1.0.0)
      activesupport
      faraday
      faraday_middleware
      hashie
      multi_json

PATH
  remote: ~/Documents/projects/github/html2confluence
  specs:
    html2confluence (1.0.0)

GEM
  remote: http://rubygems.org/
  specs:
    activesupport (3.2.13)
      i18n (= 0.6.1)
      multi_json (~> 1.0)
    addressable (2.3.4)
    crack (0.3.2)
    diff-lcs (1.2.4)
    faraday (0.8.7)
      multipart-post (~> 1.1)
    faraday_middleware (0.9.0)
      faraday (>= 0.7.4, < 0.9)
    hashie (1.2.0)
    i18n (0.6.1)
    multi_json (1.7.3)
    multipart-post (1.2.0)
    rspec (2.13.0)
      rspec-core (~> 2.13.0)
      rspec-expectations (~> 2.13.0)
      rspec-mocks (~> 2.13.0)
    rspec-core (2.13.1)
    rspec-expectations (2.13.0)
      diff-lcs (>= 1.1.3, < 2.0)
    rspec-mocks (2.13.1)
    webmock (1.11.0)
      addressable (>= 2.2.7)
      crack (>= 0.3.2)

PLATFORMS
  ruby

DEPENDENCIES
  aha-api!
  aha-services!
  html2confluence!
  rspec
  webmock
