GIT
  remote: https://383f0d3f6e966653045bbbe228f0d2c3eaa693c2:x-oauth-basic@github.com/aha-app/aha-api
  revision: fbe28d54d65607653bbaecdbd3f0f1c2789239ab
  specs:
    aha-api (1.0.3)
      activesupport
      faraday
      faraday_middleware
      hashie
      multi_json

GIT
  remote: https://github.com/k1w1/html2confluence.git
  revision: 3547124b74b2a9f2dd3699eda35970680050ec4c
  specs:
    html2confluence (1.0.0)

PATH
  remote: .
  specs:
    aha-services (1.0.20)
      activesupport
      aha-api
      faraday
      hashie (~> 2.0.0)
      html2confluence

GEM
  remote: http://rubygems.org/
  specs:
    activesupport (4.0.0)
      i18n (~> 0.6, >= 0.6.4)
      minitest (~> 4.2)
      multi_json (~> 1.3)
      thread_safe (~> 0.1)
      tzinfo (~> 0.3.37)
    addressable (2.3.4)
    atomic (1.1.14)
    crack (0.3.2)
    diff-lcs (1.2.4)
    faraday (0.8.8)
      multipart-post (~> 1.2.0)
    faraday_middleware (0.9.0)
      faraday (>= 0.7.4, < 0.9)
    hashie (2.0.5)
    i18n (0.6.5)
    minitest (4.7.5)
    multi_json (1.8.0)
    multipart-post (1.2.0)
    rspec (2.13.0)
      rspec-core (~> 2.13.0)
      rspec-expectations (~> 2.13.0)
      rspec-mocks (~> 2.13.0)
    rspec-core (2.13.1)
    rspec-expectations (2.13.0)
      diff-lcs (>= 1.1.3, < 2.0)
    rspec-mocks (2.13.1)
    thread_safe (0.1.3)
      atomic
    tzinfo (0.3.37)
    webmock (1.11.0)
      addressable (>= 2.2.7)
      crack (>= 0.3.2)

PLATFORMS
  ruby

DEPENDENCIES
  aha-api!
  aha-services!
  html2confluence!
  rspec
  webmock
