GIT
  remote: git://github.com/k1w1/plain-david.git
  revision: a4bae8cc1baac120ae121953a44597be5d19d790
  specs:
    plain-david (0.1.0)
      html2markdown
      htmlentities

GIT
  remote: https://github.com/JeremyGeros/html2confluence.git
  revision: c9d60d1240a91244235082fd6ec3fcbc9b9b9e8d
  branch: patch-1
  specs:
    html2confluence (1.3.14)
      nokogiri

GIT
  remote: https://github.com/JeremyGeros/reverse_markdown.git
  revision: 27b4d1c13b022e5648684a45bdf9a000b8b3e9ea
  specs:
    reverse_markdown (0.6.7)
      nokogiri

GIT
  remote: https://github.com/aha-app/ClothRed
  revision: 0b3aac2e0587e7081495417cf71cec018d3cf078
  specs:
    ClothRed (0.5.0)

GIT
  remote: https://github.com/aha-app/aha-api
  revision: 6b2ed49ff4de69aae04206505f346108a64b6c0d
  specs:
    aha-api (1.0.13)
      activesupport
      faraday (~> 0.9.0)
      faraday_middleware
      hashie
      multi_json

PATH
  remote: .
  specs:
    aha-services (1.23.30)
      activesupport
      aha-api
      crack
      faraday (~> 0.9.0)
      faraday-cookie_jar
      faraday_middleware (~> 0.9.0)
      hashie (~> 2.1.1)
      html2confluence
      htmlentities
      jwt
      reverse_markdown
      simple_oauth (>= 0.1, < 0.3)

GEM
  remote: https://rubygems.org/
  specs:
    activesupport (5.0.1)
      concurrent-ruby (~> 1.0, >= 1.0.2)
      i18n (~> 0.7)
      minitest (~> 5.1)
      tzinfo (~> 1.1)
    addressable (2.5.0)
      public_suffix (~> 2.0, >= 2.0.2)
    builder (3.2.2)
    byebug (9.0.6)
    concurrent-ruby (1.0.4)
    connection_pool (2.2.1)
    crack (0.4.3)
      safe_yaml (~> 1.0.0)
    diff-lcs (1.2.5)
    domain_name (0.5.20161129)
      unf (>= 0.0.5, < 1.0.0)
    faraday (0.9.2)
      multipart-post (>= 1.2, < 3)
    faraday-cookie_jar (0.0.6)
      faraday (>= 0.7.4)
      http-cookie (~> 1.0.0)
    faraday_middleware (0.9.2)
      faraday (>= 0.7.4, < 0.10)
    ffi (1.9.14)
    hashdiff (0.3.2)
    hashie (2.1.2)
    html2markdown (0.0.3)
      nokogiri
    htmlentities (4.3.4)
    http-cookie (1.0.3)
      domain_name (~> 0.5)
    i18n (0.7.0)
    json (2.0.2)
    jwt (1.5.6)
    listen (3.1.5)
      rb-fsevent (~> 0.9, >= 0.9.4)
      rb-inotify (~> 0.9, >= 0.9.7)
      ruby_dep (~> 1.2)
    mail (2.6.4)
      mime-types (>= 1.16, < 4)
    mime-types (3.1)
      mime-types-data (~> 3.2015)
    mime-types-data (3.2016.0521)
    mini_portile (0.6.2)
    minitest (5.10.1)
    multi_json (1.12.1)
    multipart-post (2.0.0)
    net-http-persistent (3.0.0)
      connection_pool (~> 2.2)
    nokogiri (1.6.6.2)
      mini_portile (~> 0.6.0)
    public_suffix (2.0.4)
    rack (1.6.5)
    rack-protection (1.5.3)
      rack
    rb-fsevent (0.9.8)
    rb-inotify (0.9.7)
      ffi (>= 0.5.0)
    redcarpet (3.4.0)
    rerun (0.11.0)
      listen (~> 3.0)
    restforce (2.5.0)
      faraday (~> 0.9.0)
      faraday_middleware (>= 0.8.8)
      hashie (>= 1.2.0, < 4.0)
      json (>= 1.7.5)
    rspec (3.5.0)
      rspec-core (~> 3.5.0)
      rspec-expectations (~> 3.5.0)
      rspec-mocks (~> 3.5.0)
    rspec-core (3.5.4)
      rspec-support (~> 3.5.0)
    rspec-expectations (3.5.0)
      diff-lcs (>= 1.2.0, < 2.0)
      rspec-support (~> 3.5.0)
    rspec-mocks (3.5.0)
      diff-lcs (>= 1.2.0, < 2.0)
      rspec-support (~> 3.5.0)
    rspec-support (3.5.0)
    rspec_junit_formatter (0.2.3)
      builder (< 4)
      rspec-core (>= 2, < 4, != 2.12.0)
    ruby_dep (1.5.0)
    rubyntlm (0.6.1)
    safe_yaml (1.0.4)
    simple_oauth (0.2.0)
    sinatra (1.4.7)
      rack (~> 1.5)
      rack-protection (~> 1.4)
      tilt (>= 1.3, < 3)
    thread_safe (0.3.5)
    tilt (2.0.5)
    tzinfo (1.2.2)
      thread_safe (~> 0.1)
    unf (0.1.4)
      unf_ext
    unf_ext (0.0.7.2)
    webmock (2.3.1)
      addressable (>= 2.3.6)
      crack (>= 0.3.2)
      hashdiff

PLATFORMS
  ruby

DEPENDENCIES
  ClothRed!
  aha-api!
  aha-services!
  byebug
  crack
  html2confluence!
  mail
  net-http-persistent
  nokogiri (= 1.6.6.2)
  plain-david!
  redcarpet
  rerun
  restforce
  reverse_markdown!
  rspec
  rspec_junit_formatter
  rubyntlm
  sinatra
  webmock

RUBY VERSION
   ruby 2.3.1p112

BUNDLED WITH
   1.13.6
