GIT
  remote: git://github.com/k1w1/plain-david.git
  revision: 50342418d936770adb3ac780740135039b21b1f9
  specs:
    plain-david (0.0.2)
      html2markdown
      htmlentities

GIT
  remote: https://github.com/aha-app/aha-api
  revision: b101d83243c42fd1e434ab845230a0b9e019ce8a
  specs:
    aha-api (1.0.8)
      activesupport
      faraday (~> 0.8.9)
      faraday_middleware
      hashie
      multi_json

GIT
  remote: https://github.com/k1w1/html2confluence.git
  revision: 9b3c33918f878a4a09995d98d09ecfe390fb9105
  specs:
    html2confluence (1.1.0)
      nokogiri

PATH
  remote: .
  specs:
    aha-services (1.10.1)
      ClothRed
      activesupport
      aha-api
      crack
      faraday (~> 0.8.9)
      faraday_middleware (~> 0.9.0)
      hashie (~> 2.1.1)
      html2confluence
      htmlentities
      jwt
      reverse_markdown
      simple_oauth

GEM
  remote: http://rubygems.org/
  specs:
    ClothRed (0.4.1)
    activesupport (4.0.3)
      i18n (~> 0.6, >= 0.6.4)
      minitest (~> 4.2)
      multi_json (~> 1.3)
      thread_safe (~> 0.1)
      tzinfo (~> 0.3.37)
    addressable (2.3.5)
    atomic (1.1.15)
    celluloid (0.15.2)
      timers (~> 1.1.0)
    coderay (1.1.0)
    crack (0.4.1)
      safe_yaml (~> 0.9.0)
    diff-lcs (1.2.5)
    faraday (0.8.9)
      multipart-post (~> 1.2.0)
    faraday_middleware (0.9.0)
      faraday (>= 0.7.4, < 0.9)
    ffi (1.9.3)
    ffi (1.9.3-x86-mingw32)
    hashie (2.1.1)
    html2markdown (0.0.3)
      nokogiri
    htmlentities (4.3.1)
    i18n (0.6.9)
    jwt (1.0.0)
    listen (2.7.9)
      celluloid (>= 0.15.2)
      rb-fsevent (>= 0.9.3)
      rb-inotify (>= 0.9)
    method_source (0.8.2)
    mini_portile (0.5.2)
    minitest (4.7.5)
    multi_json (1.9.0)
    multipart-post (1.2.0)
    nokogiri (1.6.1)
      mini_portile (~> 0.5.0)
    nokogiri (1.6.1-x86-mingw32)
      mini_portile (~> 0.5.0)
    pry (0.9.12.6)
      coderay (~> 1.0)
      method_source (~> 0.8)
      slop (~> 3.4)
    pry (0.9.12.6-x86-mingw32)
      coderay (~> 1.0)
      method_source (~> 0.8)
      slop (~> 3.4)
      win32console (~> 1.3)
    rack (1.5.2)
    rack-protection (1.5.1)
      rack
    rb-fsevent (0.9.4)
    rb-inotify (0.9.5)
      ffi (>= 0.5.0)
    rerun (0.10.0)
      listen (~> 2.7, >= 2.7.3)
    reverse_markdown (0.5.1)
      nokogiri
    rspec (2.14.1)
      rspec-core (~> 2.14.0)
      rspec-expectations (~> 2.14.0)
      rspec-mocks (~> 2.14.0)
    rspec-core (2.14.7)
    rspec-expectations (2.14.4)
      diff-lcs (>= 1.1.3, < 2.0)
    rspec-mocks (2.14.4)
    safe_yaml (0.9.7)
    simple_oauth (0.2.0)
    sinatra (1.4.4)
      rack (~> 1.4)
      rack-protection (~> 1.4)
      tilt (~> 1.3, >= 1.3.4)
    slop (3.4.7)
    thread_safe (0.2.0)
      atomic (>= 1.1.7, < 2)
    tilt (1.4.1)
    timers (1.1.0)
    tzinfo (0.3.39)
    webmock (1.17.1)
      addressable (>= 2.2.7)
      crack (>= 0.3.2)
    win32console (1.3.2-x86-mingw32)

PLATFORMS
  ruby
  x86-mingw32

DEPENDENCIES
  aha-api!
  aha-services!
  crack
  html2confluence!
  plain-david!
  pry
  rerun
  reverse_markdown (= 0.5.1)
  rspec
  sinatra
  webmock
