GIT
  remote: git://github.com/k1w1/plain-david.git
  revision: a4bae8cc1baac120ae121953a44597be5d19d790
  specs:
    plain-david (0.1.0)
      html2markdown
      htmlentities

GIT
  remote: https://github.com/JeremyGeros/reverse_markdown.git
  revision: af66e655727b998627eddf2ec57aaf55e359ec2b
  specs:
    reverse_markdown (0.6.5)
      nokogiri

GIT
  remote: https://github.com/aha-app/aha-api
  revision: 1166580dad08835dd6c953a5a2f24a537bcc867a
  specs:
    aha-api (1.0.11)
      activesupport
      faraday (~> 0.9.0)
      faraday_middleware
      hashie
      multi_json

GIT
  remote: https://github.com/k1w1/html2confluence.git
  revision: 1f96c3d9dd89287be9779eeeb3edbed2cdf3dac7
  specs:
    html2confluence (1.3.9)
      nokogiri

PATH
  remote: .
  specs:
    aha-services (1.18.2)
      ClothRed
      activesupport
      aha-api
      crack
      faraday (~> 0.9.0)
      faraday-cookie_jar
      faraday_middleware (~> 0.9.0)
      hashie (~> 2.1.1)
      html2confluence
      htmlentities
      jwt
      reverse_markdown
      simple_oauth (>= 0.1, < 0.3)

GEM
  remote: http://rubygems.org/
  specs:
    ClothRed (0.4.1)
    activesupport (4.1.7)
      i18n (~> 0.6, >= 0.6.9)
      json (~> 1.7, >= 1.7.7)
      minitest (~> 5.1)
      thread_safe (~> 0.1)
      tzinfo (~> 1.1)
    addressable (2.3.6)
    byebug (6.0.2)
    celluloid (0.16.0)
      timers (~> 4.0.0)
    crack (0.4.2)
      safe_yaml (~> 1.0.0)
    diff-lcs (1.2.5)
    domain_name (0.5.24)
      unf (>= 0.0.5, < 1.0.0)
    faraday (0.9.0)
      multipart-post (>= 1.2, < 3)
    faraday-cookie_jar (0.0.6)
      faraday (>= 0.7.4)
      http-cookie (~> 1.0.0)
    faraday_middleware (0.9.1)
      faraday (>= 0.7.4, < 0.10)
    ffi (1.9.6)
    hashie (2.1.2)
    hitimes (1.2.2)
    html2markdown (0.0.3)
      nokogiri
    htmlentities (4.3.2)
    http-cookie (1.0.2)
      domain_name (~> 0.5)
    i18n (0.6.11)
    json (1.8.1)
    jwt (1.5.1)
    listen (2.7.11)
      celluloid (>= 0.15.2)
      rb-fsevent (>= 0.9.3)
      rb-inotify (>= 0.9)
    mini_portile (0.6.1)
    minitest (5.4.2)
    multi_json (1.10.1)
    multipart-post (2.0.0)
    net-http-persistent (2.9.4)
    nokogiri (1.6.5)
      mini_portile (~> 0.6.0)
    rack (1.5.2)
    rack-protection (1.5.3)
      rack
    rb-fsevent (0.9.4)
    rb-inotify (0.9.5)
      ffi (>= 0.5.0)
    redcarpet (3.2.0)
    rerun (0.10.0)
      listen (~> 2.7, >= 2.7.3)
    restforce (1.5.1)
      faraday (~> 0.9.0)
      faraday_middleware (>= 0.8.8)
      hashie (>= 1.2.0, < 4.0)
      json (>= 1.7.5, < 1.9.0)
    rspec (3.1.0)
      rspec-core (~> 3.1.0)
      rspec-expectations (~> 3.1.0)
      rspec-mocks (~> 3.1.0)
    rspec-core (3.1.7)
      rspec-support (~> 3.1.0)
    rspec-expectations (3.1.2)
      diff-lcs (>= 1.2.0, < 2.0)
      rspec-support (~> 3.1.0)
    rspec-mocks (3.1.3)
      rspec-support (~> 3.1.0)
    rspec-support (3.1.2)
    rubyntlm (0.5.2)
    safe_yaml (1.0.4)
    simple_oauth (0.2.0)
    sinatra (1.4.5)
      rack (~> 1.4)
      rack-protection (~> 1.4)
      tilt (~> 1.3, >= 1.3.4)
    thread_safe (0.3.4)
    tilt (1.4.1)
    timers (4.0.1)
      hitimes
    tzinfo (1.2.2)
      thread_safe (~> 0.1)
    unf (0.1.4)
      unf_ext
    unf_ext (0.0.7.1)
    webmock (1.20.2)
      addressable (>= 2.3.6)
      crack (>= 0.3.2)

PLATFORMS
  ruby

DEPENDENCIES
  aha-api!
  aha-services!
  byebug
  crack
  html2confluence!
  net-http-persistent
  plain-david!
  redcarpet
  rerun
  restforce
  reverse_markdown!
  rspec
  rubyntlm
  sinatra
  webmock

BUNDLED WITH
   1.10.6
